GEM
  specs:
    beanstalk-client (1.1.0)
    bson (1.1.5)
    exceptional (2.0.32)
      rack
    mongo (1.1.5)
      bson (>= 1.1.5)
    rack (1.2.1)
    rspec (1.2.9)
    sinatra (1.0)
      rack (>= 1.0)

PLATFORMS
  ruby

DEPENDENCIES
  beanstalk-client
  exceptional
  mongo
  rspec (= 1.2.9)
  sinatra
